GEM
  remote: https://rubygems.org/
  specs:
    activesupport (7.0.2.4)
      concurrent-ruby (~> 1.0, >= 1.0.2)
      i18n (>= 1.6, < 2)
      minitest (>= 5.1)
      tzinfo (~> 2.0)
    concurrent-ruby (1.1.10)
    graphql (2.0.7)
    graphql-client (0.18.0)
      activesupport (>= 3.0)
      graphql
    i18n (1.10.0)
      concurrent-ruby (~> 1.0)
    minitest (5.15.0)
    terminal-table (3.0.2)
      unicode-display_width (>= 1.1.1, < 3)
    tzinfo (2.0.4)
      concurrent-ruby (~> 1.0)
    unicode-display_width (2.1.0)

PLATFORMS
  ruby

DEPENDENCIES
  activesupport (~> 7.0.2)
  graphql-client (~> 0.18.0)
  terminal-table (~> 3.0.2)


BUNDLED WITH
   1.14.6
